GEM
  remote: http://production.cf.rubygems.org/
  specs:
    adsf (1.2.0)
      rack (= 1.5.2)
    celluloid (0.16.0)
      timers (= 4.0.1)
    coderay (1.1.0)
    colored (1.2)
    cri (2.6.1)
      colored (~> 1.2)
    diff-lcs (1.2.5)
    ffi (1.9.6)
    formatador (0.2.5)
    guard (2.10.2)
      formatador (>= 0.2.4)
      listen (~> 2.7)
      lumberjack (~> 1.0)
      pry (>= 0.9.12)
      thor (>= 0.18.1)
    guard-nanoc (1.0.3)
      guard (~> 2.8)
      nanoc (~> 3.6)
    hitimes (1.2.2)
    kramdown (1.5.0)
    listen (2.8.3)
      celluloid (>= 0.15.2)
      rb-fsevent (>= 0.9.3)
      rb-inotify (>= 0.9)
    lumberjack (1.0.9)
    method_source (0.8.2)
    nanoc (3.7.4)
      cri (~> 2.3)
    pry (0.10.1)
      coderay (~> 1.1.0)
      method_source (~> 0.8.1)
      slop (~> 3.4)
    rack (1.5.2)
    rainbow (2.0.0)
    rake (10.4.2)
    rb-fsevent (0.9.4)
    rb-inotify (0.9.5)
      ffi (>= 0.5.0)
    rspec (3.1.0)
      rspec-core (~> 3.1.0)
      rspec-expectations (~> 3.1.0)
      rspec-mocks (~> 3.1.0)
    rspec-core (3.1.7)
      rspec-support (~> 3.1.0)
    rspec-expectations (3.1.2)
      diff-lcs (>= 1.2.0, < 2.0)
      rspec-support (~> 3.1.0)
    rspec-mocks (3.1.3)
      rspec-support (~> 3.1.0)
    rspec-support (3.1.2)
    slop (3.6.0)
    thor (0.19.1)
    timers (4.0.1)
      hitimes

PLATFORMS
  ruby

DEPENDENCIES
  adsf (~> 1.2.0)
  guard (~> 2.10.2)
  guard-nanoc (~> 1.0.3)
  kramdown (~> 1.5.0)
  listen (~> 2.8.3)
  nanoc (~> 3.7.4)
  rainbow (~> 2.0.0)
  rake (~> 10.4.2)
  rspec (~> 3.1.0)

BUNDLED WITH
   2.3.15
